GEM
  remote: https://rubygems.org/
  specs:
    byebug (11.1.3)
    coderay (1.1.3)
    method_source (1.0.0)
    pry (0.14.2)
      coderay (~> 1.1)
      method_source (~> 1.0)
    pry-byebug (3.10.1)
      byebug (~> 11.0)
      pry (>= 0.13, < 0.15)
    pry-nav (1.0.0)
      pry (>= 0.9.10, < 0.15)

PLATFORMS
  aarch64-linux
  arm64-darwin-21

DEPENDENCIES
  byebug
  pry-byebug
  pry-nav

BUNDLED WITH
   2.4.10
