GEM
  remote: https://rubygems.org/
  specs:

PLATFORMS
  aarch64-linux
  arm64-darwin-21

DEPENDENCIES

BUNDLED WITH
   2.2.33
